GEM
  remote: http://rubygems.org/
  specs:
    json (2.1.0)
    mustermann (1.0.3)
    rack (2.0.8)
    rack-protection (2.0.2)
      rack
    sinatra (2.0.2)
      mustermann (~> 1.0)
      rack (~> 2.0)
      rack-protection (= 2.0.2)
      tilt (~> 2.0)
    tilt (2.0.10)

PLATFORMS
  ruby

DEPENDENCIES
  json
  sinatra

BUNDLED WITH
   1.16.1
